GEM
  remote: http://rubygems.org/
  specs:
    albacore (0.2.7)
      rubyzip (~> 0.9)
    rake (10.0.3)
    rubyzip (0.9.6.1)
    semver2 (2.0.0)

PLATFORMS
  x86-mingw32

DEPENDENCIES
  albacore
  bundler
  rake
  semver2
